GEM
  remote: https://rubygems.org/
  specs:
    addressable (2.3.6)
    atomic (1.1.16)
    buftok (0.2.0)
    celluloid (0.15.2)
      timers (~> 1.1.0)
    dotenv (0.10.0)
    equalizer (0.0.9)
    faraday (0.9.0)
      multipart-post (>= 1.2, < 3)
    http (0.5.0)
      http_parser.rb
    http_parser.rb (0.6.0)
    httparty (0.13.0)
      json (~> 1.8)
      multi_xml (>= 0.5.2)
    json (1.8.1)
    memoizable (0.4.1)
      thread_safe (~> 0.2.0)
    multi_xml (0.5.5)
    multipart-post (2.0.0)
    naught (1.0.0)
    puma (2.8.1)
      rack (>= 1.1, < 2.0)
    rack (1.5.2)
    rack-protection (1.5.2)
      rack
    redis (3.0.7)
    simple_oauth (0.2.0)
    sinatra (1.4.4)
      rack (~> 1.4)
      rack-protection (~> 1.4)
      tilt (~> 1.3, >= 1.3.4)
    sucker_punch (1.0.2)
      celluloid (~> 0.15.1)
    thread_safe (0.2.0)
      atomic (>= 1.1.7, < 2)
    tilt (1.4.1)
    timers (1.1.0)
    twitter (5.8.0)
      addressable (~> 2.3)
      buftok (~> 0.2.0)
      equalizer (~> 0.0.9)
      faraday (~> 0.9.0)
      http (~> 0.5.0)
      http_parser.rb (~> 0.6.0)
      json (~> 1.8)
      memoizable (~> 0.4.0)
      naught (~> 1.0)
      simple_oauth (~> 0.2.0)

PLATFORMS
  ruby

DEPENDENCIES
  celluloid
  dotenv
  httparty
  puma
  redis
  sinatra
  sucker_punch
  twitter
